GIT
  remote: git://github.com/deivid-rodriguez/byebug.git
  revision: 5e1c87d661d3db7148ca2a4df2603baabe1b44f4
  specs:
    byebug (11.0.1)

GEM
  remote: https://rubygems.org/
  specs:
    httparty (0.17.1)
      mime-types (~> 3.0)
      multi_xml (>= 0.5.2)
    mime-types (3.3)
      mime-types-data (~> 3.2015)
    mime-types-data (3.2019.1009)
    multi_xml (0.6.0)

PLATFORMS
  ruby

DEPENDENCIES
  byebug!
  httparty

BUNDLED WITH
   1.17.2
